GEM
  specs:
    ast (2.4.0)
    childprocess (0.8.0)
      ffi (~> 1.0, >= 1.0.11)
    ffi (1.11.1)
    parser (2.5.3.0)
      ast (~> 2.4.0)
    rainbow (3.0.0)
    seeing_is_believing (3.6.1)
      childprocess (~> 0.8.0)
      parser (~> 2.5.0)

PLATFORMS
  ruby

DEPENDENCIES
  rainbow
  seeing_is_believing

BUNDLED WITH
   2.0.2
